PATH
  remote: .
  specs:
    px-firehose-client (0.1.1)
      aws-sdk (~> 2.7)
      circuit_breaker (~> 1.1)
      px-service-legacy-client (= 1.0.2)
      redis (~> 3)

GEM
  remote: https://rubygems.org/
  remote: https://gems.500px.net/
  specs:
    aasm (4.12.0)
      concurrent-ruby (~> 1.0)
    activesupport (5.0.2)
      concurrent-ruby (~> 1.0, >= 1.0.2)
      i18n (~> 0.7)
      minitest (~> 5.1)
      tzinfo (~> 1.1)
    aws-sdk (2.9.27)
      aws-sdk-resources (= 2.9.27)
    aws-sdk-core (2.9.27)
      aws-sigv4 (~> 1.0)
      jmespath (~> 1.0)
    aws-sdk-resources (2.9.27)
      aws-sdk-core (= 2.9.27)
    aws-sigv4 (1.0.0)
    circuit_breaker (1.1.2)
      aasm
    concurrent-ruby (1.0.5)
    dalli (2.7.6)
    ethon (0.10.1)
      ffi (>= 1.3.0)
    ffi (1.9.18)
    i18n (0.8.1)
    jmespath (1.3.1)
    minitest (5.10.1)
    px-service-legacy-client (1.0.2)
      activesupport
      circuit_breaker (~> 1.1)
      dalli
      typhoeus
      will_paginate (~> 3.0)
    rake (0.9.6)
    redis (3.3.3)
    rspec (0.9.4)
    thread_safe (0.3.6)
    timecop (0.8.1)
    typhoeus (1.1.2)
      ethon (>= 0.9.0)
    tzinfo (1.2.3)
      thread_safe (~> 0.1)
    will_paginate (3.1.5)

PLATFORMS
  ruby

DEPENDENCIES
  bundler (~> 1.6)
  px-firehose-client!
  px-service-legacy-client!
  rake (~> 0)
  rspec (~> 0)
  timecop (~> 0)

BUNDLED WITH
   1.13.6
